GEM
  remote: http://rubygems.org/
  specs:
    commander (4.1.2)
      highline (~> 1.6.11)
    highline (1.6.21)
    sequel (3.41.0)
    sqlite3 (1.3.10)

PLATFORMS
  ruby

DEPENDENCIES
  commander
  sequel
  sqlite3
