GEM
  remote: http://rubygems.org/
  specs:
    commander (4.1.2)
      highline (~> 1.6.11)
    highline (1.6.21)
    mysql (2.9.1)
    sequel (3.41.0)

PLATFORMS
  ruby

DEPENDENCIES
  commander
  mysql
  sequel
